GEM
  remote: https://rubygems.org/
  specs:
    activemodel (4.1.8)
      activesupport (= 4.1.8)
      builder (~> 3.1)
    activerecord (4.1.8)
      activemodel (= 4.1.8)
      activesupport (= 4.1.8)
      arel (~> 5.0.0)
    activesupport (4.1.8)
      i18n (~> 0.6, >= 0.6.9)
      json (~> 1.7, >= 1.7.7)
      minitest (~> 5.1)
      thread_safe (~> 0.1)
      tzinfo (~> 1.1)
    addressable (2.3.6)
    arel (5.0.1.20140414130214)
    awesome_print (1.6.0)
    builder (3.2.2)
    daemons (1.1.9)
    dropbox-sdk (1.6.4)
      json
    faraday (0.9.0)
      multipart-post (>= 1.2, < 3)
    hashie (3.3.2)
    i18n (0.7.0)
    json (1.8.1)
    jwt (1.2.0)
    launchy (2.4.3)
      addressable (~> 2.3)
    logger (1.2.8)
    macaddr (1.7.1)
      systemu (~> 2.6.2)
    mini_portile (0.6.1)
    minitest (5.5.0)
    multi_json (1.10.1)
    multi_xml (0.5.5)
    multipart-post (2.0.0)
    mysql2 (0.3.17)
    nokogiri (1.6.5)
      mini_portile (~> 0.6.0)
    oauth2 (1.0.0)
      faraday (>= 0.8, < 0.10)
      jwt (~> 1.0)
      multi_json (~> 1.3)
      multi_xml (~> 0.5)
      rack (~> 1.2)
    omniauth (1.2.2)
      hashie (>= 1.2, < 4)
      rack (~> 1.0)
    rack (1.6.0)
    safe_attributes (1.0.10)
      activerecord (>= 3.0.0)
    smarter_csv (1.0.19)
    systemu (2.6.4)
    thread_safe (0.3.4)
    tzinfo (1.2.2)
      thread_safe (~> 0.1)
    uuid (2.3.7)
      macaddr (~> 1.0)

PLATFORMS
  ruby

DEPENDENCIES
  activerecord (~> 4.1.1)
  awesome_print (~> 1.6.0)
  daemons (~> 1.1.9)
  dropbox-sdk (~> 1.6.4)
  launchy (~> 2.4.3)
  logger (~> 1.2.8)
  mysql2 (~> 0.3)
  nokogiri (~> 1.6.5)
  oauth2 (~> 1.0.0)
  omniauth (~> 1.2.2)
  safe_attributes (~> 1.0.10)
  smarter_csv (~> 1.0.19)
  uuid (~> 2.3.7)
